GEM
  remote: https://rubygems.org/
  specs:
    concurrent-ruby (1.1.9)
    dotenv (2.7.6)
    hamster (3.0.0)
      concurrent-ruby (~> 1.0)
    jose (1.1.3)
      hamster
    jwt (2.3.0)
    mustermann (1.1.1)
      ruby2_keywords (~> 0.0.1)
    rack (2.2.3)
    rack-protection (2.2.0)
      rack
    ruby2_keywords (0.0.5)
    sinatra (2.2.0)
      mustermann (~> 1.0)
      rack (~> 2.2)
      rack-protection (= 2.2.0)
      tilt (~> 2.0)
    tilt (2.0.10)

PLATFORMS
  x86_64-darwin-20

DEPENDENCIES
  dotenv
  jose
  jwt
  sinatra

BUNDLED WITH
   2.2.13
